GEM
  remote: https://rubygems.org/
  specs:
    kgio (2.10.0)
    raindrops (0.16.0)
    rake (11.1.2)
    unicorn (5.1.0)
      kgio (~> 2.6)
      raindrops (~> 0.7)

PLATFORMS
  ruby

DEPENDENCIES
  rake
  unicorn

BUNDLED WITH
   1.10.6
